GEM
  remote: https://rubygems.org/
  specs:
    httperfrb (0.3.11)
      open4
    minitest (5.0.5)
    open4 (1.3.0)
    rake (10.1.0)

PLATFORMS
  ruby

DEPENDENCIES
  httperfrb
  minitest
  rake
