GEM
  remote: https://rubygems.org/
  specs:
    coderay (1.0.9)
    httperfrb (0.3.11)
      open4
    method_source (0.8.1)
    minitest (5.0.5)
    open4 (1.3.0)
    pry (0.9.12.2)
      coderay (~> 1.0.5)
      method_source (~> 0.8)
      slop (~> 3.4)
    pry-doc (0.4.6)
      pry (>= 0.9)
      yard (>= 0.8)
    rack (1.5.2)
    rack-protection (1.5.0)
      rack
    rake (10.1.0)
    sinatra (1.4.3)
      rack (~> 1.4)
      rack-protection (~> 1.4)
      tilt (~> 1.3, >= 1.3.4)
    slop (3.4.5)
    tilt (1.4.1)
    yard (0.8.6.1)

PLATFORMS
  ruby

DEPENDENCIES
  httperfrb
  minitest
  pry
  pry-doc
  rake
  sinatra
